GIT
  remote: git://github.com/rtomayko/tilt.git
  revision: 7eacefa7e2df786c863eacae557aa0270be292c3
  specs:
    tilt (2.0.0.beta1)

GEM
  remote: https://rubygems.org/
  specs:
    activesupport (4.0.0)
      i18n (~> 0.6, >= 0.6.4)
      minitest (~> 4.2)
      multi_json (~> 1.3)
      thread_safe (~> 0.1)
      tzinfo (~> 0.3.37)
    atomic (1.1.13)
    bootstrap-sass (2.3.2.2)
      sass (~> 3.2)
    chunky_png (1.2.8)
    compass (0.12.2)
      chunky_png (~> 1.2)
      fssm (>= 0.2.7)
      sass (~> 3.1)
    fssm (0.2.10)
    haml (4.0.3)
      tilt
    i18n (0.6.5)
    kgio (2.8.0)
    minitest (4.7.5)
    multi_json (1.7.9)
    rack (1.5.2)
    rack-gauges (1.1.0)
    rack-heroku-no-such-app (0.0.2)
      rack (>= 1.2.0, <= 2.0.0)
    raindrops (0.12.0)
    redcarpet (3.0.0)
    sass (3.2.10)
    sinatra (1.2.8)
      rack (~> 1.1)
      tilt (>= 1.2.2, < 2.0)
    thread_safe (0.1.2)
      atomic
    tzinfo (0.3.37)
    unicorn (4.6.3)
      kgio (~> 2.6)
      rack
      raindrops (~> 0.7)

PLATFORMS
  ruby

DEPENDENCIES
  activesupport
  bootstrap-sass
  compass
  haml
  rack-gauges
  rack-heroku-no-such-app
  redcarpet
  sinatra
  tilt!
  unicorn
